GEM
  remote: https://rubygems.org/
  specs:
    chronic_duration (0.10.6)
      numerizer (~> 0.1.1)
    diff-lcs (1.5.1)
    numerizer (0.1.1)
    rspec (3.13.0)
      rspec-core (~> 3.13.0)
      rspec-expectations (~> 3.13.0)
      rspec-mocks (~> 3.13.0)
    rspec-core (3.13.1)
      rspec-support (~> 3.13.0)
    rspec-expectations (3.13.3)
      diff-lcs (>= 1.2.0, < 2.0)
      rspec-support (~> 3.13.0)
    rspec-mocks (3.13.1)
      diff-lcs (>= 1.2.0, < 2.0)
      rspec-support (~> 3.13.0)
    rspec-support (3.13.1)
    spec (5.3.4)
      chronic_duration (~> 0.10.2)

PLATFORMS
  arm64-darwin-23
  ruby

DEPENDENCIES
  rspec (~> 3.13)
  spec (~> 5.3)

BUNDLED WITH
   2.5.19
